PATH
  remote: .
  specs:
    fet (0.3.0)
      ffi (~> 1.15, >= 1.15.4)
      gli (~> 2.20, >= 2.20.1)
      ice_nine (~> 0.11.2)
      midilib (~> 2.0, >= 2.0.5)
      ruby2d (~> 0.10.0)
      terminal-table (~> 3.0, >= 3.0.1)

GEM
  remote: https://rubygems.org/
  specs:
    ast (2.4.2)
    byebug (11.1.3)
    codecov (0.6.0)
      simplecov (>= 0.15, < 0.22)
    coderay (1.1.3)
    docile (1.4.0)
    ffi (1.15.4)
    gli (2.20.1)
    ice_nine (0.11.2)
    method_source (1.0.0)
    midilib (2.0.5)
    minitest (5.14.4)
    minitest-stub_any_instance (1.0.2)
    parallel (1.20.1)
    parser (3.0.2.0)
      ast (~> 2.4.1)
    pry (0.13.1)
      coderay (~> 1.1)
      method_source (~> 1.0)
    pry-byebug (3.9.0)
      byebug (~> 11.0)
      pry (~> 0.13.0)
    rainbow (3.0.0)
    rake (13.0.6)
    rdoc (6.3.2)
    regexp_parser (2.1.1)
    rexml (3.2.5)
    rubocop (1.20.0)
      parallel (~> 1.10)
      parser (>= 3.0.0.0)
      rainbow (>= 2.2.2, < 4.0)
      regexp_parser (>= 1.8, < 3.0)
      rexml
      rubocop-ast (>= 1.9.1, < 2.0)
      ruby-progressbar (~> 1.7)
      unicode-display_width (>= 1.4.0, < 3.0)
    rubocop-ast (1.11.0)
      parser (>= 3.0.1.1)
    ruby-progressbar (1.11.0)
    ruby2d (0.10.0)
    simplecov (0.21.2)
      docile (~> 1.1)
      simplecov-html (~> 0.11)
      simplecov_json_formatter (~> 0.1)
    simplecov-html (0.12.3)
    simplecov_json_formatter (0.1.3)
    terminal-table (3.0.1)
      unicode-display_width (>= 1.1.1, < 3)
    timecop (0.9.4)
    unicode-display_width (2.0.0)

PLATFORMS
  ruby

DEPENDENCIES
  codecov (~> 0.6.0)
  fet!
  minitest (~> 5.0)
  minitest-stub_any_instance (~> 1.0, >= 1.0.2)
  pry-byebug (~> 3.9)
  rake (~> 13.0)
  rdoc (~> 6.3, >= 6.3.2)
  rubocop (~> 1.7)
  simplecov (~> 0.21.2)
  timecop (~> 0.9.4)

BUNDLED WITH
   2.2.22
