GEM
  remote: https://rubygems.org/
  specs:
    midilib (2.0.5)

PLATFORMS
  x86_64-darwin-20

DEPENDENCIES
  midilib (~> 2.0, >= 2.0.5)

BUNDLED WITH
   2.2.15
