GEM
  remote: https://rubygems.org/
  specs:
    espeak-ruby (1.0.4)
    midilib (2.0.5)

PLATFORMS
  x86_64-darwin-20

DEPENDENCIES
  espeak-ruby (~> 1.0, >= 1.0.4)
  midilib (~> 2.0, >= 2.0.5)

BUNDLED WITH
   2.2.15
